GEM
  remote: https://rubygems.org/
  specs:
    rainbow (3.1.1)
    terminal-table (3.0.2)
      unicode-display_width (>= 1.1.1, < 3)
    unicode-display_width (2.4.2)

PLATFORMS
  ruby

DEPENDENCIES
  rainbow
  terminal-table

BUNDLED WITH
   2.4.13
